GEM
  remote: https://rubygems.org/
  specs:
    ruby2d (0.9.5)

PLATFORMS
  ruby

DEPENDENCIES
  ruby2d

BUNDLED WITH
   1.17.2
